GEM
  remote: http://rubygems.org/
  specs:
    gdata (1.1.2)
    glennfu-contacts (1.2.1.1)
      gdata (>= 1.1.1)
      json (>= 1.1.1)
    json (1.6.1)
    multi_json (1.0.3)
    rack (1.3.3)
    redis (2.2.2)
    redis-namespace (1.0.3)
      redis (< 3.0.0)
    resque (1.19.0)
      multi_json (~> 1.0)
      redis-namespace (~> 1.0.2)
      sinatra (>= 0.9.2)
      vegas (~> 0.1.2)
    sinatra (1.2.6)
      rack (~> 1.1)
      tilt (>= 1.2.2, < 2.0)
    tilt (1.3.3)
    vegas (0.1.8)
      rack (>= 1.0.0)

PLATFORMS
  ruby

DEPENDENCIES
  glennfu-contacts
  resque
  sinatra
